GEM
  remote: https://rubygems.org/
  specs:
    daemons (1.2.3)
    httparty (0.13.7)
      json (~> 1.8)
      multi_xml (>= 0.5.2)
    json (1.8.3)
    multi_xml (0.5.5)

PLATFORMS
  ruby

DEPENDENCIES
  daemons (~> 1.2.3)
  httparty (~> 0.13.7)
